GEM
  remote: http://rubygems.org/
  specs:
    builder (3.0.0)
    crack (0.1.8)
    diff-lcs (1.1.2)
    highline (1.6.1)
    log4r (1.1.9)
    rspec (2.2.0)
      rspec-core (~> 2.2)
      rspec-expectations (~> 2.2)
      rspec-mocks (~> 2.2)
    rspec-core (2.2.1)
    rspec-expectations (2.2.0)
      diff-lcs (~> 1.1.2)
    rspec-mocks (2.2.0)
    savon (0.7.9)
      builder (>= 2.1.2)
      crack (>= 0.1.4)

PLATFORMS
  ruby

DEPENDENCIES
  highline (>= 1.6)
  log4r (~> 1.1)
  rspec
  savon (~> 0.7)
